PATH
  remote: .
  specs:
    pusher (0.11.3)
      em-http-request (~> 1.0.0)
      multi_json (~> 1.0)
      signature (~> 0.1.6)

GEM
  remote: https://rubygems.org/
  specs:
    addressable (2.3.2)
    cookiejar (0.3.0)
    crack (0.3.2)
    diff-lcs (1.1.3)
    em-http-request (1.0.3)
      addressable (>= 2.2.3)
      cookiejar
      em-socksify
      eventmachine (>= 1.0.0.beta.4)
      http_parser.rb (>= 0.5.3)
    em-socksify (0.2.1)
      eventmachine (>= 1.0.0.beta.4)
    eventmachine (1.0.3)
    http_parser.rb (0.5.3)
    multi_json (1.7.3)
    rack (1.5.1)
    rake (10.0.3)
    rspec (2.12.0)
      rspec-core (~> 2.12.0)
      rspec-expectations (~> 2.12.0)
      rspec-mocks (~> 2.12.0)
    rspec-core (2.12.2)
    rspec-expectations (2.12.1)
      diff-lcs (~> 1.1.3)
    rspec-mocks (2.12.2)
    signature (0.1.7)
    webmock (1.9.0)
      addressable (>= 2.2.7)
      crack (>= 0.1.7)

PLATFORMS
  ruby

DEPENDENCIES
  pusher!
  rack
  rake
  rspec (~> 2.0)
  webmock
